GEM
  remote: http://rubygems.org/
  specs:
    activemodel (3.0.9)
      activesupport (= 3.0.9)
      builder (~> 2.1.2)
      i18n (~> 0.5.0)
    activerecord (3.0.9)
      activemodel (= 3.0.9)
      activesupport (= 3.0.9)
      arel (~> 2.0.10)
      tzinfo (~> 0.3.23)
    activesupport (3.0.9)
    arel (2.0.10)
    builder (2.1.2)
    hpricot (0.8.4)
    i18n (0.5.0)
    mechanize (1.0.0)
      nokogiri (>= 1.2.1)
    nokogiri (1.4.5)
    sqlite3 (1.3.3)
    tzinfo (0.3.28)

PLATFORMS
  ruby

DEPENDENCIES
  activerecord
  hpricot
  mechanize
  sqlite3
